GEM
  remote: http://rubygems.org/
  specs:
    haml (3.0.25)
    rack (1.2.1)
    rack-test (0.5.7)
      rack (>= 1.0)
    sinatra (1.1.2)
      rack (~> 1.1)
      tilt (~> 1.2)
    tilt (1.2.2)

PLATFORMS
  ruby

DEPENDENCIES
  haml
  rack-test
  sinatra
